GEM
  remote: https://rubygems.org/
  specs:
    sequel (4.41.0)
    sqlite3 (1.3.12)
    thor (0.19.4)

PLATFORMS
  ruby

DEPENDENCIES
  sequel
  sqlite3
  thor

BUNDLED WITH
   1.13.6
