GEM
  remote: https://rubygems.org/
  specs:
    sequel (4.41.0)
    thor (0.19.4)

PLATFORMS
  ruby

DEPENDENCIES
  sequel
  thor

BUNDLED WITH
   1.13.6
